GIT
  remote: git://github.com/celluloid/celluloid-io.git
  revision: 5dc88b3e1c6920aec44275f422b0d478b10120be
  specs:
    celluloid-io (0.15.0)
      celluloid (>= 0.15.0)
      nio4r (>= 0.5.0)

GIT
  remote: git://github.com/celluloid/celluloid.git
  revision: 02e3882c1e5519bb21b0a9ea19c7fa675cb696bd
  specs:
    celluloid (0.15.0)
      timers (~> 1.1.0)

GIT
  remote: git://github.com/celluloid/reel.git
  revision: 004b94b9b62448d447662a9ad63ad05eb074291c
  specs:
    reel (0.4.0.pre5)
      celluloid (>= 0.15.0)
      celluloid-io (>= 0.15.0)
      http (>= 0.5.0.pre)
      http_parser.rb (>= 0.6.0.beta.2)
      websocket_parser (>= 0.1.4)

GIT
  remote: git://github.com/cryptosphere/rbnacl.git
  revision: 26f2e20cc59886427058ba096dc743f51f0112c8
  branch: add-primitive-names
  specs:
    rbnacl (1.1.0)
      ffi

GIT
  remote: git://github.com/seancribbs/webmachine-ruby.git
  revision: 4c09a6d7420e834980dfab8d00b73eccd2f0023d
  specs:
    webmachine (1.2.0)
      as-notifications (~> 1.0)
      i18n (>= 0.4.0)
      multi_json

GIT
  remote: git://github.com/tarcieri/http.git
  revision: 1a167791eb9fd69f8bf34df90875189f8672260b
  specs:
    http (0.5.0.pre)
      http_parser.rb

PATH
  remote: .
  specs:
    cryptosphere (0.0.0)
      activesupport (~> 4.0.0)
      base32
      celluloid
      rbnacl
      reel
      thor
      webmachine

GEM
  remote: https://rubygems.org/
  specs:
    activesupport (4.0.0)
      i18n (~> 0.6, >= 0.6.4)
      minitest (~> 4.2)
      multi_json (~> 1.3)
      thread_safe (~> 0.1)
      tzinfo (~> 0.3.37)
    as-notifications (1.0.1)
    atomic (1.1.13)
    atomic (1.1.13-java)
    base32 (0.2.0)
    benchmark-ips (1.2.0)
    bouncy-castle-java (1.5.0147)
    coderay (1.0.9)
    colorize (0.5.8)
    coveralls (0.6.7)
      colorize
      multi_json (~> 1.3)
      rest-client
      simplecov (>= 0.7)
      thor
    diff-lcs (1.2.4)
    ffi (1.9.0)
    ffi (1.9.0-java)
    formatador (0.2.4)
    guard (1.8.2)
      formatador (>= 0.2.4)
      listen (>= 1.0.0)
      lumberjack (>= 1.0.2)
      pry (>= 0.9.10)
      thor (>= 0.14.6)
    guard-rspec (3.0.3)
      guard (>= 1.8)
      rspec (~> 2.13)
    http_parser.rb (0.6.0.beta.2)
    http_parser.rb (0.6.0.beta.2-java)
    i18n (0.6.5)
    jruby-openssl (0.8.8)
      bouncy-castle-java (>= 1.5.0147)
    listen (1.3.1)
      rb-fsevent (>= 0.9.3)
      rb-inotify (>= 0.9)
      rb-kqueue (>= 0.2)
    lumberjack (1.0.4)
    method_source (0.8.2)
    mime-types (1.25)
    minitest (4.7.5)
    multi_json (1.8.0)
    nio4r (0.5.0)
    nio4r (0.5.0-java)
    pry (0.9.12.2)
      coderay (~> 1.0.5)
      method_source (~> 0.8)
      slop (~> 3.4)
    pry (0.9.12.2-java)
      coderay (~> 1.0.5)
      method_source (~> 0.8)
      slop (~> 3.4)
      spoon (~> 0.0)
    rake (10.1.0)
    rb-fsevent (0.9.3)
    rb-inotify (0.9.1)
      ffi (>= 0.5.0)
    rb-kqueue (0.2.0)
      ffi (>= 0.5.0)
    rest-client (1.6.7)
      mime-types (>= 1.16)
    rspec (2.14.1)
      rspec-core (~> 2.14.0)
      rspec-expectations (~> 2.14.0)
      rspec-mocks (~> 2.14.0)
    rspec-core (2.14.5)
    rspec-expectations (2.14.2)
      diff-lcs (>= 1.1.3, < 2.0)
    rspec-mocks (2.14.3)
    simplecov (0.7.1)
      multi_json (~> 1.0)
      simplecov-html (~> 0.7.1)
    simplecov-html (0.7.1)
    slop (3.4.6)
    spoon (0.0.4)
      ffi
    thor (0.18.1)
    thread_safe (0.1.2)
      atomic
    thread_safe (0.1.2-java)
      atomic
    timers (1.1.0)
    tzinfo (0.3.37)
    webmachine-test (0.2.1)
      webmachine
    websocket_parser (0.1.4)
      http

PLATFORMS
  java
  ruby

DEPENDENCIES
  benchmark-ips
  celluloid!
  celluloid-io!
  coveralls
  cryptosphere!
  guard-rspec
  http!
  jruby-openssl
  pry
  rake
  rbnacl!
  reel!
  rspec
  webmachine!
  webmachine-test
